GEM
  remote: https://rubygems.org/
  specs:
    bluecloth (2.2.0)
    diff-lcs (1.5.1)
    docile (1.4.0)
    rake (13.2.1)
    rspec (3.13.0)
      rspec-core (~> 3.13.0)
      rspec-expectations (~> 3.13.0)
      rspec-mocks (~> 3.13.0)
    rspec-core (3.13.0)
      rspec-support (~> 3.13.0)
    rspec-expectations (3.13.0)
      diff-lcs (>= 1.2.0, < 2.0)
      rspec-support (~> 3.13.0)
    rspec-mocks (3.13.1)
      diff-lcs (>= 1.2.0, < 2.0)
      rspec-support (~> 3.13.0)
    rspec-support (3.13.1)
    simplecov (0.22.0)
      docile (~> 1.1)
      simplecov-html (~> 0.11)
      simplecov_json_formatter (~> 0.1)
    simplecov-html (0.12.3)
    simplecov_json_formatter (0.1.4)
    yard (0.9.36)
    yard-rspec (0.1)
      yard

PLATFORMS
  x86_64-darwin-23

DEPENDENCIES
  bluecloth
  rake
  rspec
  simplecov
  yard
  yard-rspec

BUNDLED WITH
   2.4.10
