GEM
  remote: http://rubygems.org/
  specs:
    ast (2.4.2)
    bluecloth (2.2.0)
    diff-lcs (1.5.1)
    multi_json (1.3.6)
    parser (2.7.2.0)
      ast (~> 2.4.1)
    rainbow (1.99.2)
    rake (0.9.2.2)
    rspec (2.99.0)
      rspec-core (~> 2.99.0)
      rspec-expectations (~> 2.99.0)
      rspec-mocks (~> 2.99.0)
    rspec-core (2.99.2)
    rspec-expectations (2.99.2)
      diff-lcs (>= 1.1.3, < 2.0)
    rspec-mocks (2.99.4)
    simplecov (0.6.4)
      multi_json (~> 1.0)
      simplecov-html (~> 0.5.3)
    simplecov-html (0.5.3)
    transpec (0.2.6)
      parser (~> 2.0)
      rainbow (~> 1.1)
      rspec (~> 2.14)
    yard (0.8.2.1)
    yard-rspec (0.1)
      yard

PLATFORMS
  ruby

DEPENDENCIES
  bluecloth
  rake
  rspec (= 2.99.0)
  simplecov
  transpec
  yard
  yard-rspec

BUNDLED WITH
   2.4.10
